GEM
  remote: https://rubygems.org/
  specs:
    activesupport (6.1.4)
      concurrent-ruby (~> 1.0, >= 1.0.2)
      i18n (>= 1.6, < 2)
      minitest (>= 5.1)
      tzinfo (>= 1.1)
    builder (3.2.4)
    concurrent-ruby (1.1.9)
    i18n (1.8.11)
      concurrent-ruby (~> 1.0)
    minitest (5.14.4)
    thread_safe (0.3.6)
    tzinfo (2.0.4)
      concurrent-ruby (~> 1.0)

PLATFORMS
  ruby

DEPENDENCIES
  activesupport (~> 6.1.4)
  builder (~> 3.2.4)
  i18n (~> 1.8.11)
  minitest (~> 5.14.4)
  thread_safe (~> 0.3.6)
  tzinfo (~> 2.0.4)

RUBY VERSION
   ruby 2.7.4p191

BUNDLED WITH
   2.2.20
